GEM
  remote: https://rubygems.org/
  specs:
    ast (2.3.0)
    chef-api (0.5.0)
      logify (~> 0.1)
      mime-types
    cookstyle (0.0.1)
      rubocop (= 0.39.0)
    erubis (2.7.0)
    foodcritic (4.0.0)
      erubis
      gherkin (~> 2.11)
      nokogiri (~> 1.5)
      rake
      rufus-lru (~> 1.0)
      treetop (~> 1.4)
      yajl-ruby (~> 1.1)
    gherkin (2.12.2)
      multi_json (~> 1.3)
    kitchen-localhost (0.3.0)
      test-kitchen (~> 1.4)
    logify (0.2.0)
    mime-types (3.0)
      mime-types-data (~> 3.2015)
    mime-types-data (3.2016.0221)
    mini_portile2 (2.0.0)
    mixlib-install (0.7.1)
    mixlib-shellout (2.2.6)
    multi_json (1.11.2)
    net-scp (1.2.1)
      net-ssh (>= 2.6.5)
    net-ssh (3.0.2)
    nokogiri (1.6.7.2)
      mini_portile2 (~> 2.0.0.rc2)
    parser (2.3.1.2)
      ast (~> 2.2)
    polyglot (0.3.5)
    powerpack (0.1.1)
    rainbow (2.1.0)
    rake (10.5.0)
    rubocop (0.39.0)
      parser (>= 2.3.0.7, < 3.0)
      powerpack (~> 0.1)
      rainbow (>= 1.99.1, < 3.0)
      ruby-progressbar (~> 1.7)
      unicode-display_width (~> 1.0, >= 1.0.1)
    ruby-progressbar (1.8.1)
    rufus-lru (1.0.5)
    safe_yaml (1.0.4)
    stove (3.2.8)
      chef-api (~> 0.5)
      logify (~> 0.2)
    test-kitchen (1.6.0)
      mixlib-install (~> 0.7)
      mixlib-shellout (>= 1.2, < 3.0)
      net-scp (~> 1.1)
      net-ssh (>= 2.9, < 4.0)
      safe_yaml (~> 1.0)
      thor (~> 0.18)
    thor (0.19.1)
    treetop (1.6.5)
      polyglot (~> 0.3)
    unicode-display_width (1.1.0)
    yajl-ruby (1.2.1)

PLATFORMS
  ruby

DEPENDENCIES
  cookstyle
  foodcritic (~> 4.0)
  kitchen-localhost
  rake (< 11)
  stove

BUNDLED WITH
   1.12.4
